GEM
  remote: https://rubygems.org/
  specs:
    activemodel (7.1.3.4)
      activesupport (= 7.1.3.4)
    activesupport (7.1.3.4)
      base64
      bigdecimal
      concurrent-ruby (~> 1.0, >= 1.0.2)
      connection_pool (>= 2.2.5)
      drb
      i18n (>= 1.6, < 2)
      minitest (>= 5.1)
      mutex_m
      tzinfo (~> 2.0)
    base64 (0.2.0)
    bigdecimal (3.1.8)
    concurrent-ruby (1.3.4)
    config (5.5.1)
      deep_merge (~> 1.2, >= 1.2.1)
    connection_pool (2.4.1)
    csv (3.3.0)
    deep_merge (1.2.2)
    drb (2.2.1)
    et-orbi (1.2.11)
      tzinfo
    fritzbox-smarthome (0.8.0)
      activemodel (>= 7.0, <= 8)
      activesupport (>= 7.0, <= 8)
      csv (~> 3.2)
      httparty (~> 0.20)
      nokogiri (~> 1.13)
      nori (~> 2.6)
    fugit (1.11.1)
      et-orbi (~> 1, >= 1.2.11)
      raabro (~> 1.4)
    httparty (0.22.0)
      csv
      mini_mime (>= 1.0.0)
      multi_xml (>= 0.5.2)
    i18n (1.14.5)
      concurrent-ruby (~> 1.0)
    mini_mime (1.1.5)
    minitest (5.24.1)
    multi_xml (0.7.1)
      bigdecimal (~> 3.1)
    mutex_m (0.2.0)
    nokogiri (1.16.6-arm64-darwin)
      racc (~> 1.4)
    nokogiri (1.16.6-x86_64-linux)
      racc (~> 1.4)
    nori (2.7.0)
      bigdecimal
    raabro (1.4.0)
    racc (1.8.0)
    rufus-scheduler (3.9.1)
      fugit (~> 1.1, >= 1.1.6)
    tuya_cloud (0.1.5)
    tzinfo (2.0.6)
      concurrent-ruby (~> 1.0)

PLATFORMS
  arm64-darwin-22
  x86_64-linux

DEPENDENCIES
  config
  fritzbox-smarthome
  rufus-scheduler
  tuya_cloud

BUNDLED WITH
   2.2.15
