GEM
  remote: https://rubygems.org/
  specs:
    activemodel (7.0.7.2)
      activesupport (= 7.0.7.2)
    activesupport (7.0.7.2)
      concurrent-ruby (~> 1.0, >= 1.0.2)
      i18n (>= 1.6, < 2)
      minitest (>= 5.1)
      tzinfo (~> 2.0)
    concurrent-ruby (1.2.3)
    config (5.4.0)
      deep_merge (~> 1.2, >= 1.2.1)
    deep_merge (1.2.2)
    et-orbi (1.2.7)
      tzinfo
    fritzbox-smarthome (0.7.0)
      activemodel (>= 5.1, <= 7.1)
      activesupport (>= 5.1, <= 7.1)
      httparty (~> 0.20)
      nokogiri (~> 1.13)
      nori (~> 2.6)
    fugit (1.8.1)
      et-orbi (~> 1, >= 1.2.7)
      raabro (~> 1.4)
    httparty (0.21.0)
      mini_mime (>= 1.0.0)
      multi_xml (>= 0.5.2)
    i18n (1.14.1)
      concurrent-ruby (~> 1.0)
    mini_mime (1.1.2)
    minitest (5.19.0)
    multi_xml (0.6.0)
    nokogiri (1.16.2-arm64-darwin)
      racc (~> 1.4)
    nokogiri (1.16.2-x86_64-linux)
      racc (~> 1.4)
    nori (2.6.0)
    raabro (1.4.0)
    racc (1.7.3)
    rufus-scheduler (3.9.1)
      fugit (~> 1.1, >= 1.1.6)
    tuya_cloud (0.1.5)
    tzinfo (2.0.6)
      concurrent-ruby (~> 1.0)

PLATFORMS
  arm64-darwin-22
  x86_64-linux

DEPENDENCIES
  config
  fritzbox-smarthome
  rufus-scheduler
  tuya_cloud

BUNDLED WITH
   2.2.15
